GEM
  remote: https://rubygems.org/
  specs:
    pg (1.1.3)
    puma (3.12.0)
    rack (2.0.6)
    sequel (5.15.0)
    sqlite3 (1.3.13)

PLATFORMS
  ruby

DEPENDENCIES
  pg
  puma
  rack
  sequel
  sqlite3

RUBY VERSION
   ruby 2.5.0p0

BUNDLED WITH
   1.17.1
