GEM
  remote: https://rubygems.org/
  specs:
    haml (5.0.4)
      temple (>= 0.8.0)
      tilt
    pg (1.1.3)
    puma (3.12.0)
    rack (2.0.6)
    sequel (5.15.0)
    sqlite3 (1.3.13)
    temple (0.8.0)
    tilt (2.0.9)

PLATFORMS
  ruby

DEPENDENCIES
  haml
  pg
  puma
  rack
  sequel
  sqlite3

RUBY VERSION
   ruby 2.5.0p0

BUNDLED WITH
   1.17.1
